GEM
  remote: http://rubygems.org/
  specs:
    addressable (2.3.2)
    builder (3.1.3)
    coderay (1.0.7)
    excon (0.16.4)
    foreman (0.60.0)
      thor (>= 0.13.6)
    heroku (2.32.4)
      heroku-api (~> 0.3.5)
      launchy (>= 0.3.2)
      netrc (~> 0.7.7)
      rest-client (~> 1.6.1)
      rubyzip
    heroku-api (0.3.5)
      excon (~> 0.16.1)
    launchy (2.1.2)
      addressable (~> 2.3)
    listen (0.5.2)
    mime-types (1.19)
    netrc (0.7.7)
    nokogiri (1.5.5)
    rack (1.4.1)
    rack-codehighlighter (0.5.0)
      nokogiri (>= 1.4.1)
      rack (>= 1.0.0)
    rack-rewrite (1.2.1)
    rdiscount (1.6.8)
    rerun (0.7.1)
      listen
    rest-client (1.6.7)
      mime-types (>= 1.16)
    rpeg-multimarkdown (0.1.1)
    rubyzip (0.9.9)
    thor (0.16.0)
    toto (0.4.9)
      builder
      rack
      rdiscount

PLATFORMS
  ruby

DEPENDENCIES
  builder (= 3.1.3)
  coderay (= 1.0.7)
  foreman
  heroku
  nokogiri (= 1.5.5)
  rack (= 1.4.1)
  rack-codehighlighter (= 0.5.0)
  rack-rewrite (= 1.2.1)
  rdiscount (= 1.6.8)
  rerun
  rpeg-multimarkdown (= 0.1.1)
  toto (= 0.4.9)
