GEM
  remote: http://rubygems.org/
  specs:
    builder (2.1.2)
    coderay (0.9.3)
    daemons (1.1.0)
    eventmachine (0.12.10)
    nokogiri (1.4.3.1)
    rack (1.2.1)
    rack-codehighlighter (0.4.6)
      nokogiri (>= 1.4.1)
      rack (>= 1.0.0)
    rack-rewrite (1.0.0)
    rdiscount (1.6.5)
    rpeg-multimarkdown (0.1.1)
    shotgun (0.8)
      rack (>= 1.0)
    thin (1.2.7)
      daemons (>= 1.0.9)
      eventmachine (>= 0.12.6)
      rack (>= 1.0.0)
    toto (0.4.6)
      builder
      rack
      rdiscount

PLATFORMS
  ruby

DEPENDENCIES
  builder (= 2.1.2)
  coderay (= 0.9.3)
  nokogiri (= 1.4.3.1)
  rack (= 1.2.1)
  rack-codehighlighter (= 0.4.6)
  rack-rewrite (= 1.0.0)
  rdiscount (= 1.6.5)
  rpeg-multimarkdown
  shotgun
  thin
  toto (= 0.4.6)
